GEM
  remote: http://rubygems.org/
  specs:
    actionmailer (2.3.14)
      actionpack (= 2.3.14)
    actionpack (2.3.14)
      activesupport (= 2.3.14)
      rack (~> 1.1.0)
    activerecord (2.3.14)
      activesupport (= 2.3.14)
    activerecord-mysql2-adapter (0.0.3)
      mysql2
    activeresource (2.3.14)
      activesupport (= 2.3.14)
    activesupport (2.3.14)
    json (1.7.5)
    mysql2 (0.3.11)
    rack (1.1.3)
    rails (2.3.14)
      actionmailer (= 2.3.14)
      actionpack (= 2.3.14)
      activerecord (= 2.3.14)
      activeresource (= 2.3.14)
      activesupport (= 2.3.14)
      rake (>= 0.8.3)
    rake (0.9.2.2)
    sqlite3 (1.3.6)

PLATFORMS
  ruby

DEPENDENCIES
  activerecord-mysql2-adapter
  json
  mysql2
  rails (= 2.3.14)
  sqlite3
